GEM
  remote: https://rubygems.org/
  specs:
    activemodel (4.2.6)
      activesupport (= 4.2.6)
      builder (~> 3.1)
    activerecord (4.2.6)
      activemodel (= 4.2.6)
      activesupport (= 4.2.6)
      arel (~> 6.0)
    activesupport (4.2.6)
      i18n (~> 0.7)
      json (~> 1.7, >= 1.7.7)
      minitest (~> 5.1)
      thread_safe (~> 0.3, >= 0.3.4)
      tzinfo (~> 1.1)
    arel (6.0.3)
    ast (2.2.0)
    aws-sdk (2.2.34)
      aws-sdk-resources (= 2.2.34)
    aws-sdk-core (2.2.34)
      jmespath (~> 1.0)
    aws-sdk-resources (2.2.34)
      aws-sdk-core (= 2.2.34)
    builder (3.2.2)
    coveralls (0.8.13)
      json (~> 1.8)
      simplecov (~> 0.11.0)
      term-ansicolor (~> 1.3)
      thor (~> 0.19.1)
      tins (~> 1.6.0)
    daemons (1.2.3)
    diff-lcs (1.2.5)
    docile (1.1.5)
    eventmachine (1.2.0.1)
    i18n (0.7.0)
    jmespath (1.2.4)
      json_pure (>= 1.8.1)
    json (1.8.3)
    json_pure (1.8.3)
    minitest (5.8.4)
    parser (2.3.0.7)
      ast (~> 2.2)
    powerpack (0.1.1)
    rack (1.6.4)
    rainbow (2.1.0)
    rake (11.1.2)
    remote_syslog_logger (1.0.3)
      syslog_protocol
    rspec (3.4.0)
      rspec-core (~> 3.4.0)
      rspec-expectations (~> 3.4.0)
      rspec-mocks (~> 3.4.0)
    rspec-core (3.4.4)
      rspec-support (~> 3.4.0)
    rspec-expectations (3.4.0)
      diff-lcs (>= 1.2.0, < 2.0)
      rspec-support (~> 3.4.0)
    rspec-mocks (3.4.1)
      diff-lcs (>= 1.2.0, < 2.0)
      rspec-support (~> 3.4.0)
    rspec-support (3.4.1)
    rubocop (0.39.0)
      parser (>= 2.3.0.7, < 3.0)
      powerpack (~> 0.1)
      rainbow (>= 1.99.1, < 3.0)
      ruby-progressbar (~> 1.7)
      unicode-display_width (~> 1.0, >= 1.0.1)
    ruby-progressbar (1.7.5)
    simplecov (0.11.2)
      docile (~> 1.1.0)
      json (~> 1.8)
      simplecov-html (~> 0.10.0)
    simplecov-html (0.10.0)
    sqlite3 (1.3.11)
    syslog_protocol (0.9.2)
    term-ansicolor (1.3.2)
      tins (~> 1.0)
    thin (1.6.4)
      daemons (~> 1.0, >= 1.0.9)
      eventmachine (~> 1.0, >= 1.0.4)
      rack (~> 1.0)
    thor (0.19.1)
    thread_safe (0.3.5)
    timecop (0.8.1)
    tins (1.6.0)
    tzinfo (1.2.2)
      thread_safe (~> 0.1)
    unicode-display_width (1.0.3)

PLATFORMS
  ruby

DEPENDENCIES
  activerecord
  aws-sdk (~> 2)
  coveralls
  daemons
  rack
  rake
  remote_syslog_logger
  rspec
  rubocop
  simplecov
  sqlite3
  thin
  timecop

BUNDLED WITH
   1.11.2
