GEM
  remote: https://rubygems.org/
  specs:
    activemodel (4.2.5.2)
      activesupport (= 4.2.5.2)
      builder (~> 3.1)
    activerecord (4.2.5.2)
      activemodel (= 4.2.5.2)
      activesupport (= 4.2.5.2)
      arel (~> 6.0)
    activesupport (4.2.5.2)
      i18n (~> 0.7)
      json (~> 1.7, >= 1.7.7)
      minitest (~> 5.1)
      thread_safe (~> 0.3, >= 0.3.4)
      tzinfo (~> 1.1)
    arel (6.0.3)
    ast (2.2.0)
    aws-sdk (2.2.24)
      aws-sdk-resources (= 2.2.24)
    aws-sdk-core (2.2.24)
      jmespath (~> 1.0)
    aws-sdk-resources (2.2.24)
      aws-sdk-core (= 2.2.24)
    builder (3.2.2)
    coveralls (0.8.10)
      json (~> 1.8)
      rest-client (>= 1.6.8, < 2)
      simplecov (~> 0.11.0)
      term-ansicolor (~> 1.3)
      thor (~> 0.19.1)
      tins (~> 1.6.0)
    daemons (1.2.3)
    diff-lcs (1.2.5)
    docile (1.1.5)
    domain_name (0.5.20160128)
      unf (>= 0.0.5, < 1.0.0)
    eventmachine (1.0.9.1)
    http-cookie (1.0.2)
      domain_name (~> 0.5)
    i18n (0.7.0)
    jmespath (1.1.3)
    json (1.8.3)
    mime-types (2.99)
    minitest (5.8.4)
    netrc (0.11.0)
    parser (2.3.0.3)
      ast (~> 2.2)
    powerpack (0.1.1)
    rack (1.6.4)
    rainbow (2.1.0)
    rake (10.5.0)
    remote_syslog_logger (1.0.3)
      syslog_protocol
    rest-client (1.8.0)
      http-cookie (>= 1.0.2, < 2.0)
      mime-types (>= 1.16, < 3.0)
      netrc (~> 0.7)
    rspec (3.4.0)
      rspec-core (~> 3.4.0)
      rspec-expectations (~> 3.4.0)
      rspec-mocks (~> 3.4.0)
    rspec-core (3.4.2)
      rspec-support (~> 3.4.0)
    rspec-expectations (3.4.0)
      diff-lcs (>= 1.2.0, < 2.0)
      rspec-support (~> 3.4.0)
    rspec-mocks (3.4.1)
      diff-lcs (>= 1.2.0, < 2.0)
      rspec-support (~> 3.4.0)
    rspec-support (3.4.1)
    rubocop (0.37.0)
      parser (>= 2.3.0.2, < 3.0)
      powerpack (~> 0.1)
      rainbow (>= 1.99.1, < 3.0)
      ruby-progressbar (~> 1.7)
      unicode-display_width (~> 0.3)
    ruby-progressbar (1.7.5)
    simplecov (0.11.1)
      docile (~> 1.1.0)
      json (~> 1.8)
      simplecov-html (~> 0.10.0)
    simplecov-html (0.10.0)
    sqlite3 (1.3.11)
    syslog_protocol (0.9.2)
    term-ansicolor (1.3.2)
      tins (~> 1.0)
    thin (1.6.4)
      daemons (~> 1.0, >= 1.0.9)
      eventmachine (~> 1.0, >= 1.0.4)
      rack (~> 1.0)
    thor (0.19.1)
    thread_safe (0.3.5)
    tins (1.6.0)
    tzinfo (1.2.2)
      thread_safe (~> 0.1)
    unf (0.1.4)
      unf_ext
    unf_ext (0.0.7.1)
    unicode-display_width (0.3.1)

PLATFORMS
  ruby

DEPENDENCIES
  activerecord
  aws-sdk (~> 2)
  coveralls
  daemons
  rack
  rake
  remote_syslog_logger
  rspec
  rubocop
  simplecov
  sqlite3
  thin

BUNDLED WITH
   1.11.2
